PATH
  remote: .
  specs:
    ygl (0.1.0)

GEM
  remote: https://rubygems.org/
  specs:
    ansi (1.5.0)
    blankslate (3.1.3)
    builder (3.2.2)
    minitest (5.8.3)
    minitest-reporters (1.1.7)
      ansi
      builder
      minitest (>= 5.0)
      ruby-progressbar
    parslet (1.7.1)
      blankslate (>= 2.0, <= 4.0)
    rake (10.4.2)
    ruby-progressbar (1.7.5)
    thor (0.19.1)
    toml (0.0.4)
      parslet

PLATFORMS
  ruby

DEPENDENCIES
  bundler (~> 1.10)
  minitest
  minitest-reporters
  rake (~> 10.0)
  thor
  toml
  ygl!

BUNDLED WITH
   1.10.6
